PATH
  remote: .
  specs:
    cman (0.0.1)
      json

GEM
  remote: https://rubygems.org/
  specs:
    json (1.8.1)
    rake (10.1.0)

PLATFORMS
  ruby

DEPENDENCIES
  bundler (~> 1.6)
  cman!
  rake
