PATH
  remote: .
  specs:
    cman (0.1.0)
      docopt

GEM
  remote: https://rubygems.org/
  specs:
    diff-lcs (1.2.5)
    docopt (0.5.0)
    fakefs (0.5.2)
    rake (10.1.0)
    rspec (2.14.1)
      rspec-core (~> 2.14.0)
      rspec-expectations (~> 2.14.0)
      rspec-mocks (~> 2.14.0)
    rspec-core (2.14.8)
    rspec-expectations (2.14.5)
      diff-lcs (>= 1.1.3, < 2.0)
    rspec-mocks (2.14.6)

PLATFORMS
  ruby

DEPENDENCIES
  bundler (~> 1.6)
  cman!
  fakefs
  rake
  rspec
